PATH
  remote: .
  specs:
    movie_finder_cli (0.1.0)
      nokogiri

GEM
  remote: https://rubygems.org/
  specs:
    coderay (1.1.2)
    gem-release (2.0.1)
    method_source (0.9.2)
    mini_portile2 (2.4.0)
    nokogiri (1.9.1)
      mini_portile2 (~> 2.4.0)
    pry (0.12.2)
      coderay (~> 1.1.0)
      method_source (~> 0.9.0)
    rake (10.4.2)

PLATFORMS
  ruby

DEPENDENCIES
  bundler (~> 1.17)
  gem-release
  movie_finder_cli!
  nokogiri (>= 1.6.7.rc)
  pry
  rake (~> 10.0)

BUNDLED WITH
   1.17.2
