PATH
  remote: .
  specs:
    movie_finder_cli (0.1.0)

GEM
  remote: https://rubygems.org/
  specs:
    mini_portile2 (2.4.0)
    nokogiri (1.9.1)
      mini_portile2 (~> 2.4.0)
    rake (10.4.2)

PLATFORMS
  ruby

DEPENDENCIES
  bundler (~> 1.17)
  movie_finder_cli!
  nokogiri (>= 1.6.7.rc)
  rake (~> 10.0)

BUNDLED WITH
   1.17.2
